GIT
  remote: git://github.com/floehopper/mocha.git
  revision: d03843e763f4e5ceadb66bcb4c530d6c5d0cb293
  specs:
    mocha (0.9.12.20110213002255)

GEM
  remote: http://rubygems.org/
  specs:
    POpen4 (0.1.4)
      Platform (>= 0.4.0)
      open4
    Platform (0.4.0)
    RedCloth (4.2.7)
    ZenTest (4.5.0)
    actionmailer (3.1.0.rc4)
      actionpack (= 3.1.0.rc4)
      mail (~> 2.3.0)
    actionmailer-with-request (0.3.0)
      rails (>= 3)
    actionpack (3.1.0.rc4)
      activemodel (= 3.1.0.rc4)
      activesupport (= 3.1.0.rc4)
      builder (~> 3.0.0)
      erubis (~> 2.7.0)
      i18n (~> 0.6)
      rack (~> 1.3.0)
      rack-cache (~> 1.0.1)
      rack-mount (~> 0.8.1)
      rack-test (~> 0.6.0)
      sprockets (~> 2.0.0.beta.10)
      tzinfo (~> 0.3.27)
    activemodel (3.1.0.rc4)
      activesupport (= 3.1.0.rc4)
      bcrypt-ruby (~> 2.1.4)
      builder (~> 3.0.0)
      i18n (~> 0.6)
    activerecord (3.1.0.rc4)
      activemodel (= 3.1.0.rc4)
      activesupport (= 3.1.0.rc4)
      arel (~> 2.1.1)
      tzinfo (~> 0.3.27)
    activeresource (3.1.0.rc4)
      activemodel (= 3.1.0.rc4)
      activesupport (= 3.1.0.rc4)
    activesupport (3.1.0.rc4)
      multi_json (~> 1.0)
    archive-tar-minitar (0.5.2)
    arel (2.1.1)
    autotest (4.4.6)
      ZenTest (>= 4.4.1)
    bcrypt-ruby (2.1.4)
    bson (1.3.1)
    bson_ext (1.3.1)
    builder (3.0.0)
    capybara (1.0.0)
      mime-types (>= 1.16)
      nokogiri (>= 1.3.3)
      rack (>= 1.0.0)
      rack-test (>= 0.5.4)
      selenium-webdriver (~> 0.2.0)
      xpath (~> 0.1.4)
    childprocess (0.1.9)
      ffi (~> 1.0.6)
    coffee-script (2.2.0)
      coffee-script-source
      execjs
    coffee-script-source (1.1.1)
    columnize (0.3.3)
    configuration (1.3.1)
    crack (0.1.8)
    cucumber (1.0.0)
      builder (>= 2.1.2)
      diff-lcs (>= 1.1.2)
      gherkin (~> 2.4.1)
      json (>= 1.4.6)
      term-ansicolor (>= 1.0.5)
    cucumber-rails (0.3.2)
      cucumber (>= 0.8.0)
    custom_fields (1.0.0.beta.6)
      activesupport (>= 3.0.4)
      locomotive_carrierwave
      mongoid (~> 2.0.0.rc.7)
    daemons (1.1.4)
    database_cleaner (0.6.7)
    delayed_job (2.1.4)
      activesupport (~> 3.0)
      daemons
    delayed_job_mongoid (1.0.2)
      delayed_job (~> 2.1.1)
      mongoid (~> 2.0.0.rc)
    devise (1.3.4)
      bcrypt-ruby (~> 2.1.2)
      orm_adapter (~> 0.0.3)
      warden (~> 1.0.3)
    diff-lcs (1.1.2)
    erubis (2.7.0)
    excon (0.6.3)
    execjs (1.2.0)
      multi_json (~> 1.0)
    factory_girl (1.3.3)
    factory_girl_rails (1.0.1)
      factory_girl (~> 1.3)
      railties (>= 3.0.0)
    ffi (1.0.9)
    fog (0.3.7)
      builder
      excon (>= 0.2.3)
      formatador (>= 0.0.15)
      json
      mime-types
      net-ssh (~> 2.0.23)
      nokogiri (~> 1.4.3.1)
      ruby-hmac
    formatador (0.1.4)
    formtastic (1.2.4)
      actionpack (>= 2.3.7)
      activesupport (>= 2.3.7)
      i18n (~> 0.4)
    gherkin (2.4.1)
      json (>= 1.4.6)
    growl-glue (1.0.7)
    haml (3.1.2)
    has_scope (0.5.0)
    heroku (1.18.2)
      json (~> 1.5.1)
      launchy (~> 0.3.2)
      rest-client (< 1.7.0, >= 1.4.0)
    hike (1.1.0)
    httparty (0.7.8)
      crack (= 0.1.8)
    i18n (0.6.0)
    inherited_resources (1.1.2)
      has_scope (~> 0.5.0)
      responders (~> 0.6.0)
    jammit (0.6.3)
      yui-compressor (>= 0.9.3)
    jquery-rails (1.0.11)
      railties (~> 3.0)
      thor (~> 0.14)
    json (1.5.3)
    json_pure (1.5.3)
    kgio (2.5.0)
    launchy (0.3.7)
      configuration (>= 0.0.5)
      rake (>= 0.8.1)
    linecache (0.46)
      rbx-require-relative (> 0.0.4)
    linecache19 (0.5.12)
      ruby_core_source (>= 0.1.4)
    locomotive_carrierwave (0.5.0.1.beta3)
      activesupport (~> 3.0)
    locomotive_jammit-s3 (0.5.4.4)
      jammit (>= 0.5.4)
      mimemagic (>= 0.1.7)
      s3 (>= 0.3.7)
    locomotive_liquid (2.2.2)
    locomotive_mongoid_acts_as_tree (0.1.5.5)
      mongoid (~> 2.0.0.rc.7)
    mail (2.3.0)
      i18n (>= 0.4.0)
      mime-types (~> 1.16)
      treetop (~> 1.4.8)
    mime-types (1.16)
    mimemagic (0.1.8)
    mimetype-fu (0.1.2)
    mongo (1.3.1)
      bson (>= 1.3.1)
    mongoid (2.0.2)
      activemodel (~> 3.0)
      mongo (~> 1.3)
      tzinfo (~> 0.3.22)
    multi_json (1.0.3)
    net-ssh (2.0.24)
    nokogiri (1.4.3.1)
    open4 (1.0.1)
    orm_adapter (0.0.5)
    pg (0.11.0)
    pickle (0.4.7)
      cucumber (>= 0.8)
      rake
    polyglot (0.3.1)
    proxies (0.2.1)
    rack (1.3.0)
    rack-cache (1.0.2)
      rack (>= 0.4)
    rack-mount (0.8.1)
      rack (>= 1.0.0)
    rack-ssl (1.3.2)
      rack
    rack-test (0.6.0)
      rack (>= 1.0)
    rails (3.1.0.rc4)
      actionmailer (= 3.1.0.rc4)
      actionpack (= 3.1.0.rc4)
      activerecord (= 3.1.0.rc4)
      activeresource (= 3.1.0.rc4)
      activesupport (= 3.1.0.rc4)
      bundler (~> 1.0)
      railties (= 3.1.0.rc4)
    railties (3.1.0.rc4)
      actionpack (= 3.1.0.rc4)
      activesupport (= 3.1.0.rc4)
      rack-ssl (~> 1.3.2)
      rake (>= 0.8.7)
      rdoc (~> 3.4)
      thor (~> 0.14.6)
    rake (0.9.2)
    rbx-require-relative (0.0.5)
    rdoc (3.6.1)
    responders (0.6.4)
    rest-client (1.6.3)
      mime-types (>= 1.16)
    rmagick (2.12.2)
    rspec (2.6.0)
      rspec-core (~> 2.6.0)
      rspec-expectations (~> 2.6.0)
      rspec-mocks (~> 2.6.0)
    rspec-core (2.6.4)
    rspec-expectations (2.6.0)
      diff-lcs (~> 1.1.2)
    rspec-mocks (2.6.0)
    rspec-rails (2.6.1)
      actionpack (~> 3.0)
      activesupport (~> 3.0)
      railties (~> 3.0)
      rspec (~> 2.6.0)
    ruby-debug (0.10.4)
      columnize (>= 0.1)
      ruby-debug-base (~> 0.10.4.0)
    ruby-debug-base (0.10.4)
      linecache (>= 0.3)
    ruby-debug-base19 (0.11.25)
      columnize (>= 0.3.1)
      linecache19 (>= 0.5.11)
      ruby_core_source (>= 0.1.4)
    ruby-debug19 (0.11.6)
      columnize (>= 0.3.1)
      linecache19 (>= 0.5.11)
      ruby-debug-base19 (>= 0.11.19)
    ruby-hmac (0.4.0)
    ruby_core_source (0.1.5)
      archive-tar-minitar (>= 0.5.2)
    rubyzip (0.9.4)
    s3 (0.3.8)
      proxies (~> 0.2.0)
    sass (3.1.3)
    selenium-webdriver (0.2.1)
      childprocess (>= 0.1.7)
      ffi (>= 1.0.7)
      json_pure
      rubyzip
    spork (0.8.5)
    sprockets (2.0.0.beta.11)
      hike (~> 1.1)
      rack (~> 1.0)
      tilt (!= 1.3.0, ~> 1.1)
    term-ansicolor (1.0.5)
    therubyracer-heroku (0.8.1.pre3)
    thor (0.14.6)
    tilt (1.3.2)
    treetop (1.4.9)
      polyglot (>= 0.3.1)
    tzinfo (0.3.28)
    uglifier (1.0.0)
      execjs (>= 0.3.0)
      multi_json (>= 1.0.2)
    unicorn (3.7.0)
      kgio (~> 2.3)
      rack
    warden (1.0.4)
      rack (>= 1.0)
    will_paginate (2.3.15)
    xpath (0.1.4)
      nokogiri (~> 1.3)
    yui-compressor (0.9.6)
      POpen4 (>= 0.1.4)

PLATFORMS
  ruby

DEPENDENCIES
  RedCloth (= 4.2.7)
  ZenTest
  actionmailer-with-request
  autotest
  bson_ext
  capybara
  coffee-script
  cucumber
  cucumber-rails
  custom_fields (= 1.0.0.beta.6)
  database_cleaner
  delayed_job (= 2.1.4)
  delayed_job_mongoid (= 1.0.2)
  devise
  factory_girl_rails
  fog (= 0.3.7)
  formtastic (~> 1.2.3)
  growl-glue
  haml
  heroku (= 1.18.2)
  httparty (>= 0.6.1)
  inherited_resources (~> 1.1.2)
  jquery-rails
  json
  launchy
  locomotive_carrierwave (= 0.5.0.1.beta3)
  locomotive_jammit-s3
  locomotive_liquid (= 2.2.2)
  locomotive_mongoid_acts_as_tree (= 0.1.5.5)
  mimetype-fu
  mocha!
  mongoid
  pg
  pickle
  rails (= 3.1.0.rc4)
  rmagick (= 2.12.2)
  rspec-rails
  ruby-debug
  ruby-debug19
  rubyzip
  sass
  spork
  therubyracer-heroku
  uglifier
  unicorn
  warden
  will_paginate
  xpath
