GIT
  remote: git://github.com/floehopper/mocha.git
  revision: 4fb88aea21f12c4fb7a8b14e8b58c5d9bb6829a8
  specs:
    mocha (0.9.11.20110203233621)
      rake

GEM
  remote: http://rubygems.org/
  specs:
    RedCloth (4.2.6)
    ZenTest (4.4.2)
    abstract (1.0.0)
    actionmailer (3.0.4)
      actionpack (= 3.0.4)
      mail (~> 2.2.15)
    actionmailer-with-request (0.1.1)
    actionpack (3.0.4)
      activemodel (= 3.0.4)
      activesupport (= 3.0.4)
      builder (~> 2.1.2)
      erubis (~> 2.6.6)
      i18n (~> 0.4)
      rack (~> 1.2.1)
      rack-mount (~> 0.6.13)
      rack-test (~> 0.5.7)
      tzinfo (~> 0.3.23)
    activemodel (3.0.4)
      activesupport (= 3.0.4)
      builder (~> 2.1.2)
      i18n (~> 0.4)
    activerecord (3.0.4)
      activemodel (= 3.0.4)
      activesupport (= 3.0.4)
      arel (~> 2.0.2)
      tzinfo (~> 0.3.23)
    activeresource (3.0.4)
      activemodel (= 3.0.4)
      activesupport (= 3.0.4)
    activesupport (3.0.4)
    arel (2.0.8)
    autotest (4.4.6)
      ZenTest (>= 4.4.1)
    bcrypt-ruby (2.1.4)
    bson (1.2.1)
    bson_ext (1.2.1)
    builder (2.1.2)
    capybara (0.4.1.2)
      celerity (>= 0.7.9)
      culerity (>= 0.2.4)
      mime-types (>= 1.16)
      nokogiri (>= 1.3.3)
      rack (>= 1.0.0)
      rack-test (>= 0.5.4)
      selenium-webdriver (>= 0.0.27)
      xpath (~> 0.1.3)
    celerity (0.8.7)
    childprocess (0.1.6)
      ffi (~> 0.6.3)
    closure-compiler (1.0.0)
    configuration (1.2.0)
    crack (0.1.8)
    cucumber (0.8.5)
      builder (~> 2.1.2)
      diff-lcs (~> 1.1.2)
      gherkin (~> 2.1.4)
      json_pure (~> 1.4.3)
      term-ansicolor (~> 1.0.4)
    cucumber-rails (0.3.2)
      cucumber (>= 0.8.0)
    culerity (0.2.15)
    custom_fields (1.0.0.beta.4)
      activesupport (>= 3.0.0)
      locomotive_carrierwave
      mongoid (~> 2.0.0.rc.6)
    daemons (1.1.0)
    database_cleaner (0.6.3)
    delayed_job (2.1.2)
      activesupport (~> 3.0)
      daemons
    delayed_job_mongoid (1.0.2)
      delayed_job (~> 2.1.1)
      mongoid (~> 2.0.0.rc)
    devise (1.1.5)
      bcrypt-ruby (~> 2.1.2)
      warden (~> 1.0.2)
    diff-lcs (1.1.2)
    erubis (2.6.6)
      abstract (>= 1.0.0)
    excon (0.4.0)
    factory_girl (1.3.3)
    factory_girl_rails (1.0.1)
      factory_girl (~> 1.3)
      railties (>= 3.0.0)
    ffi (0.6.3)
      rake (>= 0.8.7)
    fog (0.5.1)
      builder
      excon (>= 0.4.0)
      formatador (>= 0.0.16)
      json
      mime-types
      net-ssh (>= 2.0.23)
      nokogiri (>= 1.4.4)
      ruby-hmac
    formatador (0.0.16)
    formtastic (1.2.3)
      actionpack (>= 2.3.7)
      activesupport (>= 2.3.7)
      i18n (~> 0.4)
    gherkin (2.1.5)
      trollop (~> 1.16.2)
    growl-glue (1.0.7)
    haml (3.0.25)
    has_scope (0.5.0)
    heroku (1.17.10)
      json (~> 1.4.6)
      launchy (~> 0.3.2)
      rest-client (>= 1.4.0, < 1.7.0)
    httparty (0.7.3)
      crack (= 0.1.8)
    i18n (0.5.0)
    inherited_resources (1.1.2)
      has_scope (~> 0.5.0)
      responders (~> 0.6.0)
    jammit (0.6.0)
      closure-compiler (>= 0.1.0)
      yui-compressor (>= 0.9.1)
    json (1.4.6)
    json_pure (1.4.6)
    kgio (2.3.0)
    launchy (0.3.7)
      configuration (>= 0.0.5)
      rake (>= 0.8.1)
    locomotive_carrierwave (0.5.0.1.beta2)
      activesupport (~> 3.0)
    locomotive_jammit-s3 (0.5.4.4)
      jammit (>= 0.5.4)
      mimemagic (>= 0.1.7)
      s3 (>= 0.3.7)
    locomotive_liquid (2.2.2)
    locomotive_mongoid_acts_as_tree (0.1.5.2)
      bson (>= 0.20.1)
      mongoid (>= 2.0.0.rc.6)
    mail (2.2.15)
      activesupport (>= 2.3.6)
      i18n (>= 0.4.0)
      mime-types (~> 1.16)
      treetop (~> 1.4.8)
    mime-types (1.16)
    mimemagic (0.1.8)
    mimetype-fu (0.1.2)
    mongo (1.2.1)
      bson (>= 1.2.1)
    mongoid (2.0.0.rc.7)
      activemodel (~> 3.0)
      mongo (~> 1.2)
      tzinfo (~> 0.3.22)
      will_paginate (~> 3.0.pre)
    net-ssh (2.1.0)
    nokogiri (1.4.4)
    pickle (0.4.4)
      cucumber (>= 0.8)
      rake
      rspec (>= 1.3)
      yard
    polyglot (0.3.1)
    proxies (0.2.1)
    rack (1.2.1)
    rack-mount (0.6.13)
      rack (>= 1.0.0)
    rack-test (0.5.7)
      rack (>= 1.0)
    rails (3.0.4)
      actionmailer (= 3.0.4)
      actionpack (= 3.0.4)
      activerecord (= 3.0.4)
      activeresource (= 3.0.4)
      activesupport (= 3.0.4)
      bundler (~> 1.0)
      railties (= 3.0.4)
    railties (3.0.4)
      actionpack (= 3.0.4)
      activesupport (= 3.0.4)
      rake (>= 0.8.7)
      thor (~> 0.14.4)
    rake (0.8.7)
    responders (0.6.2)
    rest-client (1.6.1)
      mime-types (>= 1.16)
    rmagick (2.12.2)
    rspec (2.3.0)
      rspec-core (~> 2.3.0)
      rspec-expectations (~> 2.3.0)
      rspec-mocks (~> 2.3.0)
    rspec-core (2.3.1)
    rspec-expectations (2.3.0)
      diff-lcs (~> 1.1.2)
    rspec-mocks (2.3.0)
    rspec-rails (2.3.1)
      actionpack (~> 3.0)
      activesupport (~> 3.0)
      railties (~> 3.0)
      rspec (~> 2.3.0)
    ruby-hmac (0.4.0)
    rubyzip (0.9.4)
    s3 (0.3.7)
      proxies
    selenium-webdriver (0.1.2)
      childprocess (~> 0.1.5)
      ffi (~> 0.6.3)
      json_pure
      rubyzip
    spork (0.8.4)
    term-ansicolor (1.0.5)
    thor (0.14.6)
    treetop (1.4.9)
      polyglot (>= 0.3.1)
    trollop (1.16.2)
    tzinfo (0.3.24)
    unicorn (3.4.0)
      kgio (~> 2.2)
      rack
    warden (1.0.3)
      rack (>= 1.0.0)
    will_paginate (3.0.pre2)
    xpath (0.1.3)
      nokogiri (~> 1.3)
    yard (0.6.4)
    yui-compressor (0.9.3)

PLATFORMS
  ruby

DEPENDENCIES
  RedCloth
  ZenTest
  actionmailer-with-request
  autotest
  bson_ext (= 1.2.1)
  capybara
  cucumber (= 0.8.5)
  cucumber-rails
  custom_fields (= 1.0.0.beta.4)
  database_cleaner
  delayed_job (= 2.1.2)
  delayed_job_mongoid (= 1.0.2)
  devise
  factory_girl_rails
  fog
  formtastic (~> 1.2.3)
  growl-glue
  haml (= 3.0.25)
  heroku
  httparty (>= 0.6.1)
  inherited_resources (~> 1.1.2)
  launchy
  locomotive_carrierwave (= 0.5.0.1.beta2)
  locomotive_jammit-s3
  locomotive_liquid (= 2.2.2)
  locomotive_mongoid_acts_as_tree (= 0.1.5.2)
  mimetype-fu
  mocha!
  mongoid (~> 2.0.0.rc.7)
  pickle
  rails (>= 3.0.3)
  rmagick (= 2.12.2)
  rspec-rails (= 2.3.1)
  rubyzip
  spork
  unicorn
  warden
  will_paginate
